GEM
  remote: https://rubygems.org/
  specs:
    addressable (2.4.0)
    jekyll-paginate (1.1.0)
    jekyll-sitemap (0.11.0)
      addressable (~> 2.4.0)
    kramdown (1.11.1)

PLATFORMS
  ruby

DEPENDENCIES
  jekyll-paginate
  jekyll-sitemap
  kramdown

BUNDLED WITH
   1.12.5
